PATH
  remote: .
  specs:
    lolize (0.0.2)
      paint (~> 0.8.3)

GEM
  remote: http://rubygems.org/
  specs:
    paint (0.8.3)

PLATFORMS
  ruby

DEPENDENCIES
  lolize!
  paint (~> 0.8.3)
